PATH
  remote: .
  specs:
    adept-support (0.0.1)
      mixlib-shellout (~> 1.1.0)

GEM
  remote: http://rubygems.org/
  specs:
    activesupport (3.2.8)
      i18n (~> 0.6)
      multi_json (~> 1.0)
    awesome_print (1.1.0)
    childprocess (0.3.5)
      ffi (~> 1.0, >= 1.0.6)
    diff-lcs (1.1.3)
    factory_girl (4.1.0)
      activesupport (>= 3.0.0)
    ffi (1.1.5)
    forgery (0.5.0)
    formatador (0.2.3)
    growl (1.0.3)
    guard (1.3.3)
      listen (>= 0.4.2)
      thor (>= 0.14.6)
    guard-bundler (1.0.0)
      bundler (~> 1.0)
      guard (~> 1.1)
    guard-rspec (1.2.1)
      guard (>= 1.1)
    guard-spork (1.2.0)
      childprocess
      guard (>= 1.1)
      spork (>= 0.8.4)
      sys-proctable
    i18n (0.6.1)
    listen (0.5.1)
    mixlib-shellout (1.1.0)
    multi_json (1.3.6)
    rb-fsevent (0.9.1)
    rspec (2.11.0)
      rspec-core (~> 2.11.0)
      rspec-expectations (~> 2.11.0)
      rspec-mocks (~> 2.11.0)
    rspec-core (2.11.1)
    rspec-expectations (2.11.3)
      diff-lcs (~> 1.1.3)
    rspec-mocks (2.11.3)
    spork (0.9.2)
    sys-proctable (0.9.1)
    tach (0.0.8)
      formatador (>= 0.0.16)
    thor (0.16.0)
    timecop (0.5.2)

PLATFORMS
  ruby

DEPENDENCIES
  adept-support!
  awesome_print
  factory_girl
  forgery
  growl
  guard
  guard-bundler
  guard-rspec
  guard-spork
  rb-fsevent
  rspec
  spork
  tach
  timecop
