PATH
  remote: .
  specs:
    adept (0.0.1)
      grit (~> 2.5.0)
      mixlib-shellout (~> 1.1.0)
      sinatra-contrib

GEM
  remote: https://rubygems.org/
  specs:
    backports (2.6.4)
    diff-lcs (1.1.3)
    eventmachine (1.0.0)
    ffi (1.1.5)
    forgery (0.5.0)
    formatador (0.2.3)
    grit (2.5.0)
      diff-lcs (~> 1.1)
      mime-types (~> 1.15)
      posix-spawn (~> 0.3.6)
    growl (1.0.3)
    guard (1.0.3)
      ffi (>= 0.5.0)
      thor (>= 0.14.6)
    guard-bundler (0.1.3)
      bundler (>= 1.0.0)
      guard (>= 0.2.2)
    guard-rspec (0.7.3)
      guard (>= 0.10.0)
    guard-spork (0.8.0)
      guard (>= 0.10.0)
      spork (>= 0.8.4)
    mime-types (1.19)
    mixlib-shellout (1.1.0)
    posix-spawn (0.3.6)
    rack (1.4.1)
    rack-protection (1.2.0)
      rack
    rack-test (0.6.1)
      rack (>= 1.0)
    rb-fsevent (0.9.1)
    rspec (2.11.0)
      rspec-core (~> 2.11.0)
      rspec-expectations (~> 2.11.0)
      rspec-mocks (~> 2.11.0)
    rspec-core (2.11.1)
    rspec-expectations (2.11.3)
      diff-lcs (~> 1.1.3)
    rspec-mocks (2.11.2)
    sinatra (1.3.3)
      rack (~> 1.3, >= 1.3.6)
      rack-protection (~> 1.2)
      tilt (~> 1.3, >= 1.3.3)
    sinatra-contrib (1.3.1)
      backports (>= 2.0)
      eventmachine
      rack-protection
      rack-test
      sinatra (~> 1.3.0)
      tilt (~> 1.3)
    spork (1.0.0rc3)
    tach (0.0.8)
      formatador (>= 0.0.16)
    thor (0.16.0)
    tilt (1.3.3)
    timecop (0.3.5)

PLATFORMS
  ruby

DEPENDENCIES
  adept!
  forgery (~> 0.5.0)
  growl (~> 1.0.3)
  guard (~> 1.0.3)
  guard-bundler
  guard-rspec (~> 0.7.2)
  guard-spork (~> 0.8.0)
  rb-fsevent (~> 0.9.1)
  rspec (~> 2.11.0)
  spork (~> 1.0.0rc2)
  tach (~> 0.0.8)
  timecop (~> 0.3.5)
